GEM
  remote: https://rubygems.org/
  specs:
    capistrano (2.15.6)
      highline
      net-scp (>= 1.0.0)
      net-sftp (>= 2.0.0)
      net-ssh (>= 2.0.14)
      net-ssh-gateway (>= 1.1.0)
    capistrano-ext (1.2.1)
      capistrano (>= 1.0.0)
    highline (1.7.8)
    net-scp (1.2.1)
      net-ssh (>= 2.6.5)
    net-sftp (2.1.2)
      net-ssh (>= 2.6.5)
    net-ssh (2.7.0)
    net-ssh-gateway (1.2.0)
      net-ssh (>= 2.6.5)
    sass (3.4.19)

PLATFORMS
  ruby

DEPENDENCIES
  capistrano (~> 2.15.6)
  capistrano-ext
  net-ssh (~> 2.7.0)
  sass (~> 3.4.19)

BUNDLED WITH
   1.10.6
